PATH
  remote: .
  specs:
    strong_struct (0.0.2)

GEM
  remote: https://rubygems.org/
  specs:
    cane (3.0.0)
      parallel
    diff-lcs (1.3)
    gems (1.1.1)
      json
    json (2.2.0)
    parallel (1.17.0)
    rake (12.3.2)
    rake_tasks (5.1.1)
      rake
    rspec (3.8.0)
      rspec-core (~> 3.8.0)
      rspec-expectations (~> 3.8.0)
      rspec-mocks (~> 3.8.0)
    rspec-core (3.8.0)
      rspec-support (~> 3.8.0)
    rspec-expectations (3.8.2)
      diff-lcs (>= 1.2.0, < 2.0)
      rspec-support (~> 3.8.0)
    rspec-mocks (3.8.0)
      diff-lcs (>= 1.2.0, < 2.0)
      rspec-support (~> 3.8.0)
    rspec-support (3.8.0)
    travis-yaml (0.2.0)
    wwtd (1.3.0)

PLATFORMS
  ruby

DEPENDENCIES
  cane
  gems
  rake
  rake_tasks
  rspec
  strong_struct!
  travis-yaml
  wwtd

BUNDLED WITH
   1.17.3
