PATH
  remote: .
  specs:
    strong_struct (0.0.1)

GEM
  remote: https://rubygems.org/
  specs:
    cane (3.0.0)
      parallel
    diff-lcs (1.2.5)
    gems (0.8.3)
    parallel (1.9.0)
    rake (11.2.2)
    rake_tasks (5.0.0)
      rake
    rspec (3.5.0)
      rspec-core (~> 3.5.0)
      rspec-expectations (~> 3.5.0)
      rspec-mocks (~> 3.5.0)
    rspec-core (3.5.3)
      rspec-support (~> 3.5.0)
    rspec-expectations (3.5.0)
      diff-lcs (>= 1.2.0, < 2.0)
      rspec-support (~> 3.5.0)
    rspec-mocks (3.5.0)
      diff-lcs (>= 1.2.0, < 2.0)
      rspec-support (~> 3.5.0)
    rspec-support (3.5.0)

PLATFORMS
  ruby

DEPENDENCIES
  cane
  gems
  rake
  rake_tasks
  rspec
  strong_struct!

BUNDLED WITH
   1.12.5
